GEM
  remote: https://rubygems.org/
  specs:
    google-protobuf (3.21.4-x86_64-linux)
    pg_query (2.1.3)
      google-protobuf (>= 3.19.2)
    sqlint (0.2.1)
      pg_query (~> 2)

PLATFORMS
  x86_64-linux

DEPENDENCIES
  sqlint

RUBY VERSION
   ruby 3.1.2p20

BUNDLED WITH
   2.3.11
