GEM
  remote: https://rubygems.org/
  specs:
    google-protobuf (3.24.2-x86_64-linux)
    pg_query (2.2.1)
      google-protobuf (>= 3.19.2)
    sqlint (0.2.1)
      pg_query (~> 2)

PLATFORMS
  x86_64-linux

DEPENDENCIES
  sqlint

RUBY VERSION
   ruby 3.2.2p53

BUNDLED WITH
   2.4.10
